GEM
  remote: https://rubygems.org/
  specs:
    i18n (0.6.5)
    rack (1.5.2)
    rack-contrib (1.1.0)
      rack (>= 0.9.1)

PLATFORMS
  ruby

DEPENDENCIES
  i18n
  rack
  rack-contrib
